GEM
  remote: https://rubygems.org/
  specs:
    activesupport (4.2.9)
      i18n (~> 0.7)
      minitest (~> 5.1)
      thread_safe (~> 0.3, >= 0.3.4)
      tzinfo (~> 1.1)
    faraday (0.12.1)
      multipart-post (>= 1.2, < 3)
    i18n (0.8.6)
    json (1.8.6)
    minitest (5.10.2)
    multipart-post (2.0.0)
    net-http-persistent (2.9.4)
    thor (0.19.4)
    thread_safe (0.3.6)
    tzinfo (1.2.3)
      thread_safe (~> 0.1)

PLATFORMS
  ruby

DEPENDENCIES
  activesupport (~> 4.2.8)
  faraday
  json (~> 1.8.6)
  net-http-persistent (= 2.9.4)
  thor (~> 0.19.4)

BUNDLED WITH
   1.15.1
